GEM
  remote: https://rubygems.org/
  specs:
    ast (2.3.0)
    axiom-types (0.1.1)
      descendants_tracker (~> 0.0.4)
      ice_nine (~> 0.11.0)
      thread_safe (~> 0.3, >= 0.3.1)
    binding_of_caller (0.7.2)
      debug_inspector (>= 0.0.1)
    brakeman (3.3.3)
    byebug (9.0.5)
    codeclimate-engine-rb (0.3.1)
      virtus (~> 1.0)
    coderay (1.1.1)
    coercible (1.0.0)
      descendants_tracker (~> 0.0.1)
    debug_inspector (0.0.2)
    descendants_tracker (0.0.4)
      thread_safe (~> 0.3, >= 0.3.1)
    diff-lcs (1.2.5)
    docile (1.1.5)
    equalizer (0.0.11)
    ice_nine (0.11.2)
    json (2.0.2)
    method_source (0.8.2)
    parser (2.3.1.2)
      ast (~> 2.2)
    powerpack (0.1.1)
    pry (0.10.4)
      coderay (~> 1.1.0)
      method_source (~> 0.8.1)
      slop (~> 3.4)
    pry-byebug (3.4.0)
      byebug (~> 9.0)
      pry (~> 0.10)
    rack (1.5.2)
    rack-protection (1.5.2)
      rack
    rainbow (2.1.0)
    rake (10.1.1)
    reek (4.2.2)
      codeclimate-engine-rb (~> 0.3.1)
      parser (~> 2.3.1, >= 2.3.1.2)
      rainbow (~> 2.0)
    rspec (2.14.1)
      rspec-core (~> 2.14.0)
      rspec-expectations (~> 2.14.0)
      rspec-mocks (~> 2.14.0)
    rspec-core (2.14.7)
    rspec-expectations (2.14.4)
      diff-lcs (>= 1.1.3, < 2.0)
    rspec-mocks (2.14.4)
    rubocop (0.42.0)
      parser (>= 2.3.1.1, < 3.0)
      powerpack (~> 0.1)
      rainbow (>= 1.99.1, < 3.0)
      ruby-progressbar (~> 1.7)
      unicode-display_width (~> 1.0, >= 1.0.1)
    ruby-progressbar (1.8.1)
    simplecov (0.12.0)
      docile (~> 1.1.0)
      json (>= 1.8, < 3)
      simplecov-html (~> 0.10.0)
    simplecov-html (0.10.0)
    sinatra (1.4.4)
      rack (~> 1.4)
      rack-protection (~> 1.4)
      tilt (~> 1.3, >= 1.3.4)
    slim (3.0.7)
      temple (~> 0.7.6)
      tilt (>= 1.3.3, < 2.1)
    slim_lint (0.8.2)
      rake (>= 10, < 12)
      rubocop (>= 0.36.0)
      slim (~> 3.0)
      sysexits (~> 1.1)
    slop (3.6.0)
    spring (1.7.2)
    spring-commands-rspec (1.0.4)
      spring (>= 0.9.1)
    sysexits (1.2.0)
    temple (0.7.7)
    thread_safe (0.3.5)
    tilt (1.4.1)
    unicode-display_width (1.1.0)
    virtus (1.0.5)
      axiom-types (~> 0.1)
      coercible (~> 1.0)
      descendants_tracker (~> 0.0, >= 0.0.3)
      equalizer (~> 0.0, >= 0.0.9)

PLATFORMS
  ruby

DEPENDENCIES
  binding_of_caller
  brakeman
  bundler
  byebug
  pry-byebug
  rake
  reek
  rspec
  rubocop
  simplecov
  sinatra
  slim_lint
  spring
  spring-commands-rspec

RUBY VERSION
   ruby 2.3.1p112

BUNDLED WITH
   1.12.5
